GEM
  remote: https://rubygems.org/
  specs:
    aws-sdk (2.2.31)
      aws-sdk-resources (= 2.2.31)
    aws-sdk-core (2.2.31)
      jmespath (~> 1.0)
    aws-sdk-resources (2.2.31)
      aws-sdk-core (= 2.2.31)
    coderay (1.1.1)
    diff-lcs (1.2.5)
    jmespath (1.2.3)
      json_pure (>= 1.8.1)
    json_pure (1.8.3)
    method_source (0.8.2)
    pry (0.10.3)
      coderay (~> 1.1.0)
      method_source (~> 0.8.1)
      slop (~> 3.4)
    rspec (3.4.0)
      rspec-core (~> 3.4.0)
      rspec-expectations (~> 3.4.0)
      rspec-mocks (~> 3.4.0)
    rspec-core (3.4.4)
      rspec-support (~> 3.4.0)
    rspec-expectations (3.4.0)
      diff-lcs (>= 1.2.0, < 2.0)
      rspec-support (~> 3.4.0)
    rspec-mocks (3.4.1)
      diff-lcs (>= 1.2.0, < 2.0)
      rspec-support (~> 3.4.0)
    rspec-support (3.4.1)
    slop (3.6.0)

PLATFORMS
  ruby

DEPENDENCIES
  aws-sdk
  pry
  rspec

BUNDLED WITH
   1.11.2
